GEM
  remote: https://rubygems.org/
  specs:
    aws-sdk (1.25.0)
      json (~> 1.4)
      nokogiri (>= 1.4.4, < 1.6.0)
      uuidtools (~> 2.1)
    json (1.8.1)
    nokogiri (1.5.11)
    power_assert (0.2.6)
    redgreen (1.2.2)
    test-unit (3.1.5)
      power_assert
    uuidtools (2.1.4)
    zonefile (1.04)

PLATFORMS
  ruby

DEPENDENCIES
  aws-sdk
  json
  redgreen
  test-unit
  zonefile
